GEM
  remote: https://rubygems.org/
  specs:
    bugsnag (5.0.1)
    newrelic_rpm (3.17.0.325)
    puma (3.6.0-java)
    rack (1.6.4)
    rack-protection (1.5.3)
      rack
    sinatra (1.4.7)
      rack (~> 1.5)
      rack-protection (~> 1.4)
      tilt (>= 1.3, < 3)
    sinatra-cross_origin (0.4.0)
    tilt (2.0.5)

PLATFORMS
  java

DEPENDENCIES
  bugsnag
  newrelic_rpm
  puma
  sinatra
  sinatra-cross_origin

RUBY VERSION
   ruby 2.3.1p0 (jruby 9.1.8.0)

BUNDLED WITH
   1.14.6
